PATH
  remote: ../rulers
  specs:
    rulers (0.2.0)
      rack

GEM
  remote: https://rubygems.org/
  specs:
    rack (2.0.3)

PLATFORMS
  ruby

DEPENDENCIES
  rulers (= 0.2.0)!

BUNDLED WITH
   1.13.6
